GEM
  remote: https://rubygems.org/
  specs:
    byebug (8.2.2)
    github-markup (1.4.0)
    haml (4.0.7)
      tilt
    rack (1.6.4)
    rack-protection (1.5.3)
      rack
    sinatra (1.4.7)
      rack (~> 1.5)
      rack-protection (~> 1.4)
      tilt (>= 1.3, < 3)
    tilt (2.0.2)

PLATFORMS
  ruby

DEPENDENCIES
  byebug
  github-markup
  haml
  sinatra

BUNDLED WITH
   1.11.2
